PATH
  remote: .
  specs:
    methodical (0.0.1)

GEM
  remote: https://rubygems.org/
  specs:

PLATFORMS
  ruby

DEPENDENCIES
  methodical!
